GIT
  remote: git://github.com/flying-sphinx/flying-sphinx.git
  revision: cf37dda2f03a0ec5d38743ab1ecf43423840c3bd
  ref: cf37dda2f0
  branch: master
  specs:
    flying-sphinx (0.8.5)
      faraday_middleware (~> 0.7)
      multi_json (>= 1.3.0)
      pusher-client (~> 0.3)
      rash (~> 0.3.0)
      riddle (>= 1.5.6)
      thinking-sphinx

GIT
  remote: git://github.com/pat/thinking-sphinx.git
  revision: f9342473296520e2c8002fbfa8a50ae13a179391
  ref: f934247329
  branch: master
  specs:
    thinking-sphinx (3.0.2)
      activerecord (>= 3.1.0)
      builder (>= 2.1.2)
      innertube (>= 1.0.2)
      middleware (>= 0.1.0)
      riddle (>= 1.5.4)

GEM
  remote: https://rubygems.org/
  specs:
    activemodel (3.2.13)
      activesupport (= 3.2.13)
      builder (~> 3.0.0)
    activerecord (3.2.13)
      activemodel (= 3.2.13)
      activesupport (= 3.2.13)
      arel (~> 3.0.2)
      tzinfo (~> 0.3.29)
    activesupport (3.2.13)
      i18n (= 0.6.1)
      multi_json (~> 1.0)
    arel (3.0.2)
    builder (3.0.4)
    faraday (0.8.7)
      multipart-post (~> 1.1)
    faraday_middleware (0.9.0)
      faraday (>= 0.7.4, < 0.9)
    hashie (1.2.0)
    i18n (0.6.1)
    innertube (1.0.2)
    json (1.7.7)
    middleware (0.1.0)
    multi_json (1.7.3)
    multipart-post (1.2.0)
    mysql2 (0.3.12b5)
    pg (0.15.1)
    pusher-client (0.3.0)
      ruby-hmac (~> 0.4.0)
      websocket (~> 1.0.0)
    rack (1.5.2)
    rack-protection (1.5.0)
      rack
    rash (0.3.2)
      hashie (~> 1.2.0)
    riddle (1.5.6)
    ruby-hmac (0.4.0)
    sinatra (1.3.6)
      rack (~> 1.4)
      rack-protection (~> 1.3)
      tilt (~> 1.3, >= 1.3.3)
    tilt (1.4.0)
    tzinfo (0.3.37)
    websocket (1.0.7)

PLATFORMS
  ruby

DEPENDENCIES
  activerecord (~> 3.2.13)
  flying-sphinx!
  json (~> 1.7.7)
  mysql2 (= 0.3.12b5)
  pg (~> 0.15.1)
  sinatra (~> 1.3.6)
  thinking-sphinx (~> 3.0)!
